GEM
  remote: https://rubygems.org/
  specs:
    ZenTest (4.8.3)
    activemodel (3.2.11)
      activesupport (= 3.2.11)
      builder (~> 3.0.0)
    activesupport (3.2.11)
      i18n (~> 0.6)
      multi_json (~> 1.0)
    autotest (4.4.6)
      ZenTest (>= 4.4.1)
    builder (3.0.4)
    database_cleaner (0.9.1)
    diff-lcs (1.1.3)
    geocoder (1.1.6)
    i18n (0.6.1)
    mongoid (3.0.17)
      activemodel (~> 3.1)
      moped (~> 1.2)
      origin (~> 1.0)
      tzinfo (~> 0.3.22)
    moped (1.3.2)
    multi_json (1.5.0)
    origin (1.0.11)
    rspec (2.12.0)
      rspec-core (~> 2.12.0)
      rspec-expectations (~> 2.12.0)
      rspec-mocks (~> 2.12.0)
    rspec-core (2.12.2)
    rspec-expectations (2.12.1)
      diff-lcs (~> 1.1.3)
    rspec-mocks (2.12.1)
    rspec-nc (0.0.4)
      rspec (~> 2.9)
      terminal-notifier (~> 1.4.2)
    terminal-notifier (1.4.2)
    tzinfo (0.3.35)

PLATFORMS
  ruby

DEPENDENCIES
  autotest
  database_cleaner
  geocoder
  mongoid
  rspec
  rspec-nc
